GEM
  remote: https://rubygems.org/
  specs:
    actioncable (6.1.7.6)
      actionpack (= 6.1.7.6)
      activesupport (= 6.1.7.6)
      nio4r (~> 2.0)
      websocket-driver (>= 0.6.1)
    actionmailbox (6.1.7.6)
      actionpack (= 6.1.7.6)
      activejob (= 6.1.7.6)
      activerecord (= 6.1.7.6)
      activestorage (= 6.1.7.6)
      activesupport (= 6.1.7.6)
      mail (>= 2.7.1)
    actionmailer (6.1.7.6)
      actionpack (= 6.1.7.6)
      actionview (= 6.1.7.6)
      activejob (= 6.1.7.6)
      activesupport (= 6.1.7.6)
      mail (~> 2.5, >= 2.5.4)
      rails-dom-testing (~> 2.0)
    actionpack (6.1.7.6)
      actionview (= 6.1.7.6)
      activesupport (= 6.1.7.6)
      rack (~> 2.0, >= 2.0.9)
      rack-test (>= 0.6.3)
      rails-dom-testing (~> 2.0)
      rails-html-sanitizer (~> 1.0, >= 1.2.0)
    actiontext (6.1.7.6)
      actionpack (= 6.1.7.6)
      activerecord (= 6.1.7.6)
      activestorage (= 6.1.7.6)
      activesupport (= 6.1.7.6)
      nokogiri (>= 1.8.5)
    actionview (6.1.7.6)
      activesupport (= 6.1.7.6)
      builder (~> 3.1)
      erubi (~> 1.4)
      rails-dom-testing (~> 2.0)
      rails-html-sanitizer (~> 1.1, >= 1.2.0)
    activejob (6.1.7.6)
      activesupport (= 6.1.7.6)
      globalid (>= 0.3.6)
    activemodel (6.1.7.6)
      activesupport (= 6.1.7.6)
    activerecord (6.1.7.6)
      activemodel (= 6.1.7.6)
      activesupport (= 6.1.7.6)
    activestorage (6.1.7.6)
      actionpack (= 6.1.7.6)
      activejob (= 6.1.7.6)
      activerecord (= 6.1.7.6)
      activesupport (= 6.1.7.6)
      marcel (~> 1.0)
      mini_mime (>= 1.1.0)
    activesupport (6.1.7.6)
      concurrent-ruby (~> 1.0, >= 1.0.2)
      i18n (>= 1.6, < 2)
      minitest (>= 5.1)
      tzinfo (~> 2.0)
      zeitwerk (~> 2.3)
    addressable (2.8.5)
      public_suffix (>= 2.0.2, < 6.0)
    appsignal (3.4.12)
      rack
    ast (2.4.2)
    autoprefixer-rails (10.4.15.0)
      execjs (~> 2)
    base64 (0.1.1)
    bcrypt (3.1.19)
    bindex (0.8.1)
    bootsnap (1.16.0)
      msgpack (~> 1.2)
    builder (3.2.4)
    bullet (7.0.7)
      activesupport (>= 3.0.0)
      uniform_notifier (~> 1.11)
    byebug (11.1.3)
    capybara (3.39.2)
      addressable
      matrix
      mini_mime (>= 0.1.3)
      nokogiri (~> 1.8)
      rack (>= 1.6.0)
      rack-test (>= 0.6.3)
      regexp_parser (>= 1.5, < 3.0)
      xpath (~> 3.2)
    carrierwave (3.0.3)
      activemodel (>= 6.0.0)
      activesupport (>= 6.0.0)
      addressable (~> 2.6)
      image_processing (~> 1.1)
      marcel (~> 1.0.0)
      ssrf_filter (~> 1.0)
    coderay (1.1.3)
    concurrent-ruby (1.2.2)
    connection_pool (2.4.1)
    crack (0.4.5)
      rexml
    crass (1.0.6)
    dalli (3.2.5)
    database_cleaner (2.0.2)
      database_cleaner-active_record (>= 2, < 3)
    database_cleaner-active_record (2.1.0)
      activerecord (>= 5.a)
      database_cleaner-core (~> 2.0.0)
    database_cleaner-core (2.0.1)
    date (3.3.3)
    date_validator (0.12.0)
      activemodel (>= 3)
      activesupport (>= 3)
    diff-lcs (1.5.0)
    em-websocket (0.5.3)
      eventmachine (>= 0.12.9)
      http_parser.rb (~> 0)
    erubi (1.12.0)
    eventmachine (1.2.7)
    excon (0.103.0)
    execjs (2.9.1)
    factory_bot (6.2.1)
      activesupport (>= 5.0.0)
    factory_bot_rails (6.2.0)
      factory_bot (~> 6.2.0)
      railties (>= 5.0.0)
    faker (3.2.1)
      i18n (>= 1.8.11, < 2)
    faraday (2.7.11)
      base64
      faraday-net_http (>= 2.0, < 3.1)
      ruby2_keywords (>= 0.0.4)
    faraday-net_http (3.0.2)
    ffi (1.16.1)
    fog-aws (3.19.0)
      fog-core (~> 2.1)
      fog-json (~> 1.1)
      fog-xml (~> 0.1)
    fog-core (2.3.0)
      builder
      excon (~> 0.71)
      formatador (>= 0.2, < 2.0)
      mime-types
    fog-json (1.2.0)
      fog-core
      multi_json (~> 1.10)
    fog-xml (0.1.4)
      fog-core
      nokogiri (>= 1.5.11, < 2.0.0)
    formatador (1.1.0)
    globalid (1.2.1)
      activesupport (>= 6.1)
    groupdate (6.4.0)
      activesupport (>= 6.1)
    guard (2.18.1)
      formatador (>= 0.2.4)
      listen (>= 2.7, < 4.0)
      lumberjack (>= 1.0.12, < 2.0)
      nenv (~> 0.1)
      notiffany (~> 0.0)
      pry (>= 0.13.0)
      shellany (~> 0.0)
      thor (>= 0.18.1)
    guard-compat (1.2.1)
    guard-livereload (2.5.2)
      em-websocket (~> 0.5)
      guard (~> 2.8)
      guard-compat (~> 1.0)
      multi_json (~> 1.8)
    haml (6.1.2)
      temple (>= 0.8.2)
      thor
      tilt
    hashdiff (1.0.1)
    hashie (5.0.0)
    http_parser.rb (0.8.0)
    httparty (0.21.0)
      mini_mime (>= 1.0.0)
      multi_xml (>= 0.5.2)
    i18n (1.14.1)
      concurrent-ruby (~> 1.0)
    image_processing (1.12.2)
      mini_magick (>= 4.9.5, < 5)
      ruby-vips (>= 2.0.17, < 3)
    json (2.6.3)
    jwt (2.7.1)
    kaminari (1.2.2)
      activesupport (>= 4.1.0)
      kaminari-actionview (= 1.2.2)
      kaminari-activerecord (= 1.2.2)
      kaminari-core (= 1.2.2)
    kaminari-actionview (1.2.2)
      actionview
      kaminari-core (= 1.2.2)
    kaminari-activerecord (1.2.2)
      activerecord
      kaminari-core (= 1.2.2)
    kaminari-core (1.2.2)
    kramdown (2.4.0)
      rexml
    language_server-protocol (3.17.0.3)
    lint_roller (1.1.0)
    listen (3.0.8)
      rb-fsevent (~> 0.9, >= 0.9.4)
      rb-inotify (~> 0.9, >= 0.9.7)
    loofah (2.21.3)
      crass (~> 1.0.2)
      nokogiri (>= 1.12.0)
    lumberjack (1.2.9)
    mail (2.8.1)
      mini_mime (>= 0.1.1)
      net-imap
      net-pop
      net-smtp
    marcel (1.0.2)
    matrix (0.4.2)
    meta-tags (2.18.0)
      actionpack (>= 3.2.0, < 7.1)
    method_source (1.0.0)
    mime-types (3.5.1)
      mime-types-data (~> 3.2015)
    mime-types-data (3.2023.0808)
    mini_magick (4.12.0)
    mini_mime (1.1.5)
    mini_portile2 (2.8.4)
    minitest (5.20.0)
    msgpack (1.7.2)
    multi_json (1.15.0)
    multi_xml (0.6.0)
    nenv (0.3.0)
    net-imap (0.3.7)
      date
      net-protocol
    net-pop (0.1.2)
      net-protocol
    net-protocol (0.2.1)
      timeout
    net-smtp (0.4.0)
      net-protocol
    nio4r (2.5.9)
    nokogiri (1.15.4)
      mini_portile2 (~> 2.8.2)
      racc (~> 1.4)
    notiffany (0.1.3)
      nenv (~> 0.1)
      shellany (~> 0.0)
    oauth (1.1.0)
      oauth-tty (~> 1.0, >= 1.0.1)
      snaky_hash (~> 2.0)
      version_gem (~> 1.1)
    oauth-tty (1.0.5)
      version_gem (~> 1.1, >= 1.1.1)
    oauth2 (2.0.9)
      faraday (>= 0.17.3, < 3.0)
      jwt (>= 1.0, < 3.0)
      multi_xml (~> 0.5)
      rack (>= 1.2, < 4)
      snaky_hash (~> 2.0)
      version_gem (~> 1.1)
    oj (3.16.1)
    parallel (1.23.0)
    parser (3.2.2.3)
      ast (~> 2.4.1)
      racc
    pg (1.5.4)
    pry (0.14.2)
      coderay (~> 1.1)
      method_source (~> 1.0)
    public_suffix (5.0.3)
    puma (6.4.0)
      nio4r (~> 2.0)
    racc (1.7.1)
    rack (2.2.8)
    rack-livereload (0.5.1)
      rack
    rack-mini-profiler (3.1.1)
      rack (>= 1.2.0)
    rack-proxy (0.7.7)
      rack
    rack-test (2.1.0)
      rack (>= 1.3)
    rails (6.1.7.6)
      actioncable (= 6.1.7.6)
      actionmailbox (= 6.1.7.6)
      actionmailer (= 6.1.7.6)
      actionpack (= 6.1.7.6)
      actiontext (= 6.1.7.6)
      actionview (= 6.1.7.6)
      activejob (= 6.1.7.6)
      activemodel (= 6.1.7.6)
      activerecord (= 6.1.7.6)
      activestorage (= 6.1.7.6)
      activesupport (= 6.1.7.6)
      bundler (>= 1.15.0)
      railties (= 6.1.7.6)
      sprockets-rails (>= 2.0.0)
    rails-dom-testing (2.2.0)
      activesupport (>= 5.0.0)
      minitest
      nokogiri (>= 1.6)
    rails-html-sanitizer (1.6.0)
      loofah (~> 2.21)
      nokogiri (~> 1.14)
    rails_12factor (0.0.3)
      rails_serve_static_assets
      rails_stdout_logging
    rails_serve_static_assets (0.0.5)
    rails_stdout_logging (0.0.5)
    railties (6.1.7.6)
      actionpack (= 6.1.7.6)
      activesupport (= 6.1.7.6)
      method_source
      rake (>= 12.2)
      thor (~> 1.0)
    rainbow (3.1.1)
    rake (13.0.6)
    rb-fsevent (0.11.2)
    rb-inotify (0.10.1)
      ffi (~> 1.0)
    redis (5.0.7)
      redis-client (>= 0.9.0)
    redis-client (0.17.0)
      connection_pool
    regexp_parser (2.8.1)
    rexml (3.2.6)
    rspec-core (3.9.3)
      rspec-support (~> 3.9.3)
    rspec-expectations (3.9.4)
      diff-lcs (>= 1.2.0, < 2.0)
      rspec-support (~> 3.9.0)
    rspec-mocks (3.9.1)
      diff-lcs (>= 1.2.0, < 2.0)
      rspec-support (~> 3.9.0)
    rspec-rails (3.9.1)
      actionpack (>= 3.0)
      activesupport (>= 3.0)
      railties (>= 3.0)
      rspec-core (~> 3.9.0)
      rspec-expectations (~> 3.9.0)
      rspec-mocks (~> 3.9.0)
      rspec-support (~> 3.9.0)
    rspec-support (3.9.4)
    rubocop (1.56.3)
      base64 (~> 0.1.1)
      json (~> 2.3)
      language_server-protocol (>= 3.17.0)
      parallel (~> 1.10)
      parser (>= 3.2.2.3)
      rainbow (>= 2.2.2, < 4.0)
      regexp_parser (>= 1.8, < 3.0)
      rexml (>= 3.2.5, < 4.0)
      rubocop-ast (>= 1.28.1, < 2.0)
      ruby-progressbar (~> 1.7)
      unicode-display_width (>= 2.4.0, < 3.0)
    rubocop-ast (1.29.0)
      parser (>= 3.2.1.0)
    rubocop-performance (1.19.1)
      rubocop (>= 1.7.0, < 2.0)
      rubocop-ast (>= 0.4.0)
    ruby-progressbar (1.13.0)
    ruby-vips (2.1.4)
      ffi (~> 1.12)
    ruby2_keywords (0.0.5)
    rubyzip (2.3.2)
    sass (3.7.4)
      sass-listen (~> 4.0.0)
    sass-listen (4.0.0)
      rb-fsevent (~> 0.9, >= 0.9.4)
      rb-inotify (~> 0.9, >= 0.9.7)
    sass-rails (5.1.0)
      railties (>= 5.2.0)
      sass (~> 3.1)
      sprockets (>= 2.8, < 4.0)
      sprockets-rails (>= 2.0, < 4.0)
      tilt (>= 1.1, < 3)
    selenium-webdriver (4.12.0)
      rexml (~> 3.2, >= 3.2.5)
      rubyzip (>= 1.2.2, < 3.0)
      websocket (~> 1.0)
    semantic_range (3.0.0)
    shellany (0.0.1)
    shoulda-matchers (5.3.0)
      activesupport (>= 5.2.0)
    sitemap_generator (6.3.0)
      builder (~> 3.0)
    snaky_hash (2.0.1)
      hashie
      version_gem (~> 1.1, >= 1.1.1)
    sorcery (0.16.5)
      bcrypt (~> 3.1)
      oauth (>= 0.6)
      oauth2 (~> 2.0)
    spring (2.1.1)
    spring-watcher-listen (2.0.1)
      listen (>= 2.7, < 4.0)
      spring (>= 1.2, < 3.0)
    sprockets (3.7.2)
      concurrent-ruby (~> 1.0)
      rack (> 1, < 3)
    sprockets-rails (3.4.2)
      actionpack (>= 5.2)
      activesupport (>= 5.2)
      sprockets (>= 3.0.0)
    squasher (0.7.2)
    ssrf_filter (1.1.2)
    standard (1.31.1)
      language_server-protocol (~> 3.17.0.2)
      lint_roller (~> 1.0)
      rubocop (~> 1.56.2)
      standard-custom (~> 1.0.0)
      standard-performance (~> 1.2)
    standard-custom (1.0.2)
      lint_roller (~> 1.0)
      rubocop (~> 1.50)
    standard-performance (1.2.0)
      lint_roller (~> 1.1)
      rubocop-performance (~> 1.19.0)
    temple (0.10.2)
    thor (1.2.2)
    tilt (2.3.0)
    timeout (0.4.0)
    turbolinks (5.2.1)
      turbolinks-source (~> 5.2)
    turbolinks-source (5.2.0)
    tzinfo (2.0.6)
      concurrent-ruby (~> 1.0)
    uglifier (4.2.0)
      execjs (>= 0.3.0, < 3)
    unicode-display_width (2.4.2)
    uniform_notifier (1.16.0)
    vcr (6.2.0)
    version_gem (1.1.3)
    web-console (4.2.1)
      actionview (>= 6.0.0)
      activemodel (>= 6.0.0)
      bindex (>= 0.4.0)
      railties (>= 6.0.0)
    webmock (3.19.1)
      addressable (>= 2.8.0)
      crack (>= 0.3.2)
      hashdiff (>= 0.4.0, < 2.0.0)
    webpacker (5.4.4)
      activesupport (>= 5.2)
      rack-proxy (>= 0.6.1)
      railties (>= 5.2)
      semantic_range (>= 2.3.0)
    webpacker-svelte (1.0.0)
      webpacker
    websocket (1.2.10)
    websocket-driver (0.7.6)
      websocket-extensions (>= 0.1.0)
    websocket-extensions (0.1.5)
    xpath (3.2.0)
      nokogiri (~> 1.8)
    zeitwerk (2.6.11)

PLATFORMS
  ruby

DEPENDENCIES
  appsignal
  autoprefixer-rails
  bootsnap (>= 1.1.0)
  bullet
  byebug
  capybara
  carrierwave
  dalli
  database_cleaner
  date_validator
  factory_bot_rails
  faker
  fog-aws
  groupdate
  guard
  guard-livereload
  haml
  httparty
  kaminari
  kramdown
  listen (>= 3.0.5, < 3.2)
  meta-tags
  mini_magick
  nokogiri
  oj
  pg
  puma
  rack-livereload
  rack-mini-profiler
  rails (~> 6.1.x)
  rails_12factor
  redis
  rspec-rails (~> 3.0)
  sass-rails (~> 5.0)
  selenium-webdriver
  shoulda-matchers
  sitemap_generator
  sorcery
  spring
  spring-watcher-listen (~> 2.0.0)
  squasher
  standard
  turbolinks
  tzinfo-data
  uglifier (>= 1.3.0)
  vcr
  web-console (>= 3.3.0)
  webmock
  webpacker
  webpacker-svelte

RUBY VERSION
   ruby 3.2.2p53

BUNDLED WITH
   2.4.19
